GEM
  remote: https://rubygems.org/
  specs:
    ast (2.1.0)
    coderay (1.1.0)
    diff-lcs (1.2.5)
    gauge-ruby (0.1.0)
      method_source (~> 0.8.2)
      os (= 0.9.6)
      parser (~> 2.2)
      ruby-protocol-buffers (= 1.5.1)
    method_source (0.8.2)
    os (0.9.6)
    parser (2.2.3.0)
      ast (>= 1.1, < 3.0)
    predicated (0.2.6)
    pry (0.10.3)
      coderay (~> 1.1.0)
      method_source (~> 0.8.1)
      slop (~> 3.4)
    rr (1.1.2)
    ruby-protocol-buffers (1.5.1)
    ruby2ruby (2.2.0)
      ruby_parser (~> 3.1)
      sexp_processor (~> 4.0)
    ruby_parser (3.7.2)
      sexp_processor (~> 4.1)
    sexp_processor (4.6.0)
    slop (3.6.0)
    wrong (0.7.1)
      diff-lcs (~> 1.2.5)
      predicated (~> 0.2.6)
      ruby2ruby (>= 2.0.1)
      ruby_parser (>= 3.0.1)
      sexp_processor (>= 4.0)

PLATFORMS
  ruby

DEPENDENCIES
  gauge-ruby (~> 0.1.0)
  pry
  rr
  wrong

BUNDLED WITH
   1.10.6
